STORAGE: NONE
RESTRICTION: == net8.0
NUGET
  remote: https://api.nuget.org/v3/index.json
    altcover (9.0.1)
    Expecto (10.2.2)
      FSharp.Core (>= 7.0.200)
      Mono.Cecil (>= 0.11.4 < 1.0)
    FSharp.Core (8.0.403)
    Microsoft.ApplicationInsights (2.23)
      System.Diagnostics.DiagnosticSource (>= 5.0)
    Microsoft.Build.Tasks.Git (8.0) - copy_local: true
    Microsoft.CodeCoverage (17.13)
    Microsoft.NET.Test.Sdk (17.13)
      Microsoft.CodeCoverage (>= 17.13)
      Microsoft.TestPlatform.TestHost (>= 17.13)
    Microsoft.SourceLink.Common (8.0) - copy_local: true
    Microsoft.SourceLink.GitHub (8.0) - copy_local: true
      Microsoft.Build.Tasks.Git (>= 8.0)
      Microsoft.SourceLink.Common (>= 8.0)
    Microsoft.Testing.Extensions.Telemetry (1.6.2)
      Microsoft.ApplicationInsights (>= 2.22)
      Microsoft.Testing.Platform (>= 1.6.2)
    Microsoft.Testing.Extensions.TrxReport.Abstractions (1.6.2)
      Microsoft.Testing.Platform (>= 1.6.2)
    Microsoft.Testing.Extensions.VSTestBridge (1.6.2)
      Microsoft.Testing.Extensions.Telemetry (>= 1.6.2)
      Microsoft.Testing.Extensions.TrxReport.Abstractions (>= 1.6.2)
      Microsoft.Testing.Platform (>= 1.6.2)
      Microsoft.TestPlatform.ObjectModel (>= 17.13)
    Microsoft.Testing.Platform (1.6.2)
    Microsoft.Testing.Platform.MSBuild (1.6.2)
      Microsoft.Testing.Platform (>= 1.6.2)
    Microsoft.TestPlatform.ObjectModel (17.13)
      System.Reflection.Metadata (>= 1.6)
    Microsoft.TestPlatform.TestHost (17.13)
      Microsoft.TestPlatform.ObjectModel (>= 17.13)
      Newtonsoft.Json (>= 13.0.1)
    Mono.Cecil (0.11.6)
    Myriad.Sdk (0.8.1) - copy_local: true
    Newtonsoft.Json (13.0.3)
    System.Collections.Immutable (9.0.2)
    System.Diagnostics.DiagnosticSource (9.0.2)
    System.Reflection.Metadata (9.0.2)
      System.Collections.Immutable (>= 9.0.2)
    YoloDev.Expecto.TestSdk (0.15.3)
      Expecto (>= 10.2.2 < 11.0)
      FSharp.Core (>= 7.0.200)
      Microsoft.Testing.Extensions.VSTestBridge (>= 1.6.2)
      Microsoft.Testing.Platform.MSBuild (>= 1.6.2)

GROUP Analyzers
NUGET
  remote: https://www.nuget.org/api/v2
    BinaryDefense.FSharp.Analyzers.Hashing (0.2.2)
      FSharp.Analyzers.SDK (>= 0.8) - restriction: >= net5.0
      FSharp.Core (>= 5.0.1) - restriction: >= net5.0
    FSharp.Analyzers.SDK (0.29) - restriction: >= net5.0
      FSharp.Compiler.Service (43.9.201) - restriction: >= net8.0
      FSharp.Core (9.0.201) - restriction: >= net8.0
      McMaster.NETCore.Plugins (>= 1.4) - restriction: >= net8.0
      Microsoft.Extensions.Logging.Abstractions (>= 6.0) - restriction: >= net8.0
    FSharp.Compiler.Service (43.9.201) - restriction: >= net8.0
      FSharp.Core (9.0.201) - restriction: >= netstandard2.0
      System.Buffers (>= 4.6) - restriction: >= netstandard2.0
      System.Collections.Immutable (>= 8.0) - restriction: >= netstandard2.0
      System.Diagnostics.DiagnosticSource (>= 8.0) - restriction: >= netstandard2.0
      System.Memory (>= 4.5.5) - restriction: >= netstandard2.0
      System.Reflection.Emit (>= 4.7) - restriction: >= netstandard2.0
      System.Reflection.Metadata (>= 8.0) - restriction: >= netstandard2.0
      System.Runtime.CompilerServices.Unsafe (>= 6.1) - restriction: >= netstandard2.0
    FSharp.Core (9.0.201) - restriction: >= net5.0
    McMaster.NETCore.Plugins (2.0) - restriction: >= net8.0
    Microsoft.Extensions.DependencyInjection.Abstractions (9.0.2) - restriction: >= net8.0
    Microsoft.Extensions.Logging.Abstractions (9.0.2) - restriction: >= net8.0
      Microsoft.Extensions.DependencyInjection.Abstractions (>= 9.0.2) - restriction: || (>= net462) (>= netstandard2.0)
      System.Diagnostics.DiagnosticSource (>= 9.0.2) - restriction: || (>= net462) (&& (>= net8.0) (< net9.0)) (&& (< net8.0) (>= netstandard2.0))
    System.Buffers (4.6) - restriction: >= net8.0
    System.Collections.Immutable (9.0.2) - restriction: >= net8.0
    System.Diagnostics.DiagnosticSource (9.0.2) - restriction: >= net8.0
    System.Memory (4.6) - restriction: >= net8.0
    System.Reflection.Emit (4.7) - restriction: >= net8.0
    System.Reflection.Metadata (9.0.2) - restriction: >= net8.0
      System.Collections.Immutable (>= 9.0.2) - restriction: || (>= net462) (&& (>= net8.0) (< net9.0)) (&& (< net8.0) (>= netstandard2.0))
    System.Runtime.CompilerServices.Unsafe (6.1) - restriction: >= net8.0

GROUP Build
STORAGE: NONE
RESTRICTION: == net6.0
NUGET
  remote: https://www.nuget.org/api/v2
    Argu (6.2.5)
      FSharp.Core (>= 6.0)
      System.Configuration.ConfigurationManager (>= 4.4)
    BlackFox.VsWhere (1.1)
      FSharp.Core (>= 4.2.3)
      Microsoft.Win32.Registry (>= 4.7)
    Chessie (0.6)
      FSharp.Core (>= 4.0.1.7-alpha)
      NETStandard.Library (>= 1.6)
    Fake.Api.GitHub (6.1.3)
      FSharp.Core (>= 8.0.301)
      Octokit (>= 13.0.1)
    Fake.BuildServer.GitHubActions (6.1.3)
      Fake.Core.Environment (>= 6.1.3)
      Fake.Core.Trace (>= 6.1.3)
      FSharp.Core (>= 8.0.301)
    Fake.Core.CommandLineParsing (6.1.3)
      FParsec (>= 1.1.1)
      FSharp.Core (>= 8.0.301)
    Fake.Core.Context (6.1.3)
      FSharp.Core (>= 8.0.301)
    Fake.Core.Environment (6.1.3)
      FSharp.Core (>= 8.0.301)
    Fake.Core.FakeVar (6.1.3)
      Fake.Core.Context (>= 6.1.3)
      FSharp.Core (>= 8.0.301)
    Fake.Core.Process (6.1.3)
      Fake.Core.Environment (>= 6.1.3)
      Fake.Core.FakeVar (>= 6.1.3)
      Fake.Core.String (>= 6.1.3)
      Fake.Core.Trace (>= 6.1.3)
      Fake.IO.FileSystem (>= 6.1.3)
      FSharp.Core (>= 8.0.301)
      System.Collections.Immutable (>= 8.0)
    Fake.Core.ReleaseNotes (6.1.3)
      Fake.Core.SemVer (>= 6.1.3)
      Fake.Core.String (>= 6.1.3)
      FSharp.Core (>= 8.0.301)
    Fake.Core.SemVer (6.1.3)
      FSharp.Core (>= 8.0.301)
    Fake.Core.String (6.1.3)
      FSharp.Core (>= 8.0.301)
    Fake.Core.Target (6.1.3)
      Fake.Core.CommandLineParsing (>= 6.1.3)
      Fake.Core.Context (>= 6.1.3)
      Fake.Core.Environment (>= 6.1.3)
      Fake.Core.FakeVar (>= 6.1.3)
      Fake.Core.Process (>= 6.1.3)
      Fake.Core.String (>= 6.1.3)
      Fake.Core.Trace (>= 6.1.3)
      FSharp.Control.Reactive (>= 5.0.2)
      FSharp.Core (>= 8.0.301)
    Fake.Core.Tasks (6.1.3)
      Fake.Core.Trace (>= 6.1.3)
      FSharp.Core (>= 8.0.301)
    Fake.Core.Trace (6.1.3)
      Fake.Core.Environment (>= 6.1.3)
      Fake.Core.FakeVar (>= 6.1.3)
      FSharp.Core (>= 8.0.301)
    Fake.Core.Xml (6.1.3)
      Fake.Core.String (>= 6.1.3)
      FSharp.Core (>= 8.0.301)
    Fake.DotNet.AssemblyInfoFile (6.1.3)
      Fake.Core.Environment (>= 6.1.3)
      Fake.Core.String (>= 6.1.3)
      Fake.Core.Trace (>= 6.1.3)
      Fake.IO.FileSystem (>= 6.1.3)
      FSharp.Core (>= 8.0.301)
    Fake.DotNet.Cli (6.1.3)
      Fake.Core.Environment (>= 6.1.3)
      Fake.Core.Process (>= 6.1.3)
      Fake.Core.String (>= 6.1.3)
      Fake.Core.Trace (>= 6.1.3)
      Fake.DotNet.MSBuild (>= 6.1.3)
      Fake.DotNet.NuGet (>= 6.1.3)
      Fake.IO.FileSystem (>= 6.1.3)
      FSharp.Core (>= 8.0.301)
      Mono.Posix.NETStandard (>= 1.0)
      Newtonsoft.Json (>= 13.0.3)
    Fake.DotNet.MSBuild (6.1.3)
      BlackFox.VsWhere (>= 1.1)
      Fake.Core.Environment (>= 6.1.3)
      Fake.Core.Process (>= 6.1.3)
      Fake.Core.String (>= 6.1.3)
      Fake.Core.Trace (>= 6.1.3)
      Fake.IO.FileSystem (>= 6.1.3)
      FSharp.Core (>= 8.0.301)
      MSBuild.StructuredLogger (>= 2.1.815)
    Fake.DotNet.NuGet (6.1.3)
      Fake.Core.Environment (>= 6.1.3)
      Fake.Core.Process (>= 6.1.3)
      Fake.Core.SemVer (>= 6.1.3)
      Fake.Core.String (>= 6.1.3)
      Fake.Core.Tasks (>= 6.1.3)
      Fake.Core.Trace (>= 6.1.3)
      Fake.Core.Xml (>= 6.1.3)
      Fake.IO.FileSystem (>= 6.1.3)
      Fake.Net.Http (>= 6.1.3)
      FSharp.Core (>= 8.0.301)
      Newtonsoft.Json (>= 13.0.3)
      NuGet.Protocol (>= 6.10.1)
    Fake.DotNet.Paket (6.1.3)
      Fake.Core.Process (>= 6.1.3)
      Fake.Core.String (>= 6.1.3)
      Fake.Core.Trace (>= 6.1.3)
      Fake.DotNet.Cli (>= 6.1.3)
      Fake.IO.FileSystem (>= 6.1.3)
      FSharp.Core (>= 8.0.301)
    Fake.IO.FileSystem (6.1.3)
      Fake.Core.String (>= 6.1.3)
      Fake.Core.Trace (>= 6.1.3)
      FSharp.Core (>= 8.0.301)
    Fake.Net.Http (6.1.3)
      Fake.Core.Trace (>= 6.1.3)
      FSharp.Core (>= 8.0.301)
    Fake.Tools.Git (6.1.3)
      Fake.Core.Environment (>= 6.1.3)
      Fake.Core.Process (>= 6.1.3)
      Fake.Core.SemVer (>= 6.1.3)
      Fake.Core.String (>= 6.1.3)
      Fake.Core.Trace (>= 6.1.3)
      Fake.IO.FileSystem (>= 6.1.3)
      FSharp.Core (>= 8.0.301)
    FParsec (1.1.1)
      FSharp.Core (>= 4.3.4)
    FSharp.Control.Reactive (5.0.5)
      FSharp.Core (>= 4.7.2)
      System.Reactive (>= 5.0 < 6.0)
    FSharp.Core (9.0.201)
    Microsoft.Bcl.AsyncInterfaces (9.0.2)
    Microsoft.Bcl.Cryptography (9.0.2)
      System.Formats.Asn1 (>= 9.0.2)
      System.Memory (>= 4.5.5)
      System.Runtime.CompilerServices.Unsafe (>= 6.0)
    Microsoft.Bcl.HashCode (6.0)
    Microsoft.Build (17.3.2)
      Microsoft.Build.Framework (>= 17.3.2)
      Microsoft.NET.StringTools (>= 17.3.2)
      System.Collections.Immutable (>= 6.0)
      System.Configuration.ConfigurationManager (>= 6.0)
      System.Reflection.Metadata (>= 6.0)
      System.Reflection.MetadataLoadContext (>= 6.0)
      System.Security.Principal.Windows (>= 5.0)
      System.Text.Encoding.CodePages (>= 6.0)
      System.Text.Json (>= 6.0)
      System.Threading.Tasks.Dataflow (>= 6.0)
    Microsoft.Build.Framework (17.3.2)
      System.Security.Permissions (>= 6.0)
    Microsoft.Build.Tasks.Core (17.3.2)
      Microsoft.Build.Framework (>= 17.3.2)
      Microsoft.Build.Utilities.Core (>= 17.3.2)
      Microsoft.NET.StringTools (>= 17.3.2)
      System.CodeDom (>= 6.0)
      System.Collections.Immutable (>= 6.0)
      System.Reflection.Metadata (>= 6.0)
      System.Resources.Extensions (>= 6.0)
      System.Security.Cryptography.Pkcs (>= 6.0.1)
      System.Security.Cryptography.Xml (>= 6.0)
      System.Security.Permissions (>= 6.0)
      System.Threading.Tasks.Dataflow (>= 6.0)
    Microsoft.Build.Utilities.Core (17.3.2)
      Microsoft.Build.Framework (>= 17.3.2)
      Microsoft.NET.StringTools (>= 17.3.2)
      System.Collections.Immutable (>= 6.0)
      System.Configuration.ConfigurationManager (>= 6.0)
    Microsoft.NET.StringTools (17.13.9)
      System.Memory (>= 4.5.5)
      System.Runtime.CompilerServices.Unsafe (>= 6.0)
    Microsoft.NETCore.Platforms (7.0.4)
    Microsoft.Win32.Registry (5.0)
      System.Security.AccessControl (>= 5.0)
      System.Security.Principal.Windows (>= 5.0)
    Mono.Cecil (0.11.6)
    Mono.Posix.NETStandard (1.0)
    MSBuild.StructuredLogger (2.1.815)
      Microsoft.Build.Framework (>= 16.10)
      Microsoft.Build.Utilities.Core (>= 16.10)
    NETStandard.Library (2.0.3)
      Microsoft.NETCore.Platforms (>= 1.1)
    Newtonsoft.Json (13.0.3)
    NuGet.Common (6.13.2)
      NuGet.Frameworks (>= 6.13.2)
      System.Collections.Immutable (>= 8.0)
    NuGet.Configuration (6.13.2)
      NuGet.Common (>= 6.13.2)
      System.Security.Cryptography.ProtectedData (>= 4.4)
    NuGet.Frameworks (6.13.2)
    NuGet.Packaging (6.13.2)
      Newtonsoft.Json (>= 13.0.3)
      NuGet.Configuration (>= 6.13.2)
      NuGet.Versioning (>= 6.13.2)
      System.Formats.Asn1 (>= 8.0.1)
      System.Security.Cryptography.Pkcs (>= 6.0.4)
      System.Text.Json (>= 8.0.5)
    NuGet.Protocol (6.13.2)
      NuGet.Packaging (>= 6.13.2)
      System.Text.Json (>= 8.0.5)
    NuGet.Versioning (6.13.2)
    Octokit (14.0)
    Paket.Core (9.0.2)
      Chessie (>= 0.6)
      FSharp.Core (>= 8.0.400)
      Mono.Cecil (>= 0.11.3 < 0.12)
      Newtonsoft.Json (>= 13.0.1)
      NuGet.Packaging (>= 5.9.1)
      System.Net.Http.WinHttpHandler (>= 5.0)
      System.Security.Cryptography.ProtectedData (>= 5.0)
    System.Buffers (4.6)
    System.CodeDom (9.0.2)
    System.Collections.Immutable (9.0.2)
      System.Memory (>= 4.5.5)
      System.Runtime.CompilerServices.Unsafe (>= 6.0)
    System.Configuration.ConfigurationManager (9.0.2)
      System.Security.Cryptography.ProtectedData (>= 9.0.2)
    System.Formats.Asn1 (9.0.2)
      System.Buffers (>= 4.5.1)
      System.Memory (>= 4.5.5)
    System.Formats.Nrbf (9.0.2)
      Microsoft.Bcl.HashCode (>= 1.1.1)
      System.Reflection.Metadata (>= 9.0.2)
    System.IO.Pipelines (9.0.2)
      System.Buffers (>= 4.5.1)
      System.Memory (>= 4.5.5)
      System.Threading.Tasks.Extensions (>= 4.5.4)
    System.Memory (4.6)
    System.Net.Http.WinHttpHandler (9.0.2)
    System.Reactive (5.0)
    System.Reflection.Metadata (9.0.2)
      System.Collections.Immutable (>= 9.0.2)
      System.Memory (>= 4.5.5)
    System.Reflection.MetadataLoadContext (9.0.2)
      System.Collections.Immutable (>= 9.0.2)
      System.Memory (>= 4.5.5)
      System.Reflection.Metadata (>= 9.0.2)
    System.Resources.Extensions (9.0.2)
      System.Formats.Nrbf (>= 9.0.2)
      System.Memory (>= 4.5.5)
    System.Runtime.CompilerServices.Unsafe (6.1)
    System.Security.AccessControl (6.0.1)
    System.Security.Cryptography.Cng (5.0)
      System.Formats.Asn1 (>= 5.0)
    System.Security.Cryptography.Pkcs (9.0.2)
      Microsoft.Bcl.Cryptography (>= 9.0.2)
      System.Formats.Asn1 (>= 9.0.2)
      System.Runtime.CompilerServices.Unsafe (>= 6.0)
      System.Security.Cryptography.Cng (>= 5.0)
    System.Security.Cryptography.ProtectedData (9.0.2)
      System.Memory (>= 4.5.5)
    System.Security.Cryptography.Xml (9.0.2)
      Microsoft.Bcl.Cryptography (>= 9.0.2)
      System.Memory (>= 4.5.5)
      System.Security.AccessControl (>= 6.0)
      System.Security.Cryptography.Pkcs (>= 9.0.2)
    System.Security.Permissions (9.0.2)
      System.Security.AccessControl (>= 6.0)
    System.Security.Principal.Windows (5.0)
    System.Text.Encoding.CodePages (9.0.2)
      System.Memory (>= 4.5.5)
      System.Runtime.CompilerServices.Unsafe (>= 6.0)
    System.Text.Encodings.Web (9.0.2)
      System.Buffers (>= 4.5.1)
      System.Memory (>= 4.5.5)
      System.Runtime.CompilerServices.Unsafe (>= 6.0)
    System.Text.Json (9.0.2)
      Microsoft.Bcl.AsyncInterfaces (>= 9.0.2)
      System.Buffers (>= 4.5.1)
      System.IO.Pipelines (>= 9.0.2)
      System.Memory (>= 4.5.5)
      System.Runtime.CompilerServices.Unsafe (>= 6.0)
      System.Text.Encodings.Web (>= 9.0.2)
      System.Threading.Tasks.Extensions (>= 4.5.4)
    System.Threading.Tasks.Dataflow (9.0.2)
    System.Threading.Tasks.Extensions (4.6)

GROUP Myriad
STORAGE: NONE
RESTRICTION: == net6.0
NUGET
  remote: https://api.nuget.org/v3/index.json
    Chessie (0.6)
      FSharp.Core (>= 4.0.1.7-alpha)
      NETStandard.Library (>= 1.6)
    fantomas (7.0.1)
    FSharp.Core (6.0.3)
    FSharp.Data (6.4.1)
      FSharp.Core (>= 6.0.1)
      FSharp.Data.Csv.Core (>= 6.4.1)
      FSharp.Data.Html.Core (>= 6.4.1)
      FSharp.Data.Http (>= 6.4.1)
      FSharp.Data.Json.Core (>= 6.4.1)
      FSharp.Data.Runtime.Utilities (>= 6.4.1)
      FSharp.Data.WorldBank.Core (>= 6.4.1)
      FSharp.Data.Xml.Core (>= 6.4.1)
    FSharp.Data.Csv.Core (6.4.1)
      FSharp.Core (>= 6.0.1)
      FSharp.Data.Runtime.Utilities (>= 6.4.1)
    FSharp.Data.Html.Core (6.4.1)
      FSharp.Core (>= 6.0.1)
      FSharp.Data.Csv.Core (>= 6.4.1)
      FSharp.Data.Runtime.Utilities (>= 6.4.1)
    FSharp.Data.Http (6.4.1)
      FSharp.Core (>= 6.0.1)
    FSharp.Data.Json.Core (6.4.1)
      FSharp.Core (>= 6.0.1)
      FSharp.Data.Http (>= 6.4.1)
      FSharp.Data.Runtime.Utilities (>= 6.4.1)
    FSharp.Data.Runtime.Utilities (6.4.1)
      FSharp.Core (>= 6.0.1)
      FSharp.Data.Http (>= 6.4.1)
    FSharp.Data.WorldBank.Core (6.4.1)
      FSharp.Core (>= 6.0.1)
      FSharp.Data.Http (>= 6.4.1)
      FSharp.Data.Json.Core (>= 6.4.1)
      FSharp.Data.Runtime.Utilities (>= 6.4.1)
    FSharp.Data.Xml.Core (6.4.1)
      FSharp.Core (>= 6.0.1)
      FSharp.Data.Http (>= 6.4.1)
      FSharp.Data.Json.Core (>= 6.4.1)
      FSharp.Data.Runtime.Utilities (>= 6.4.1)
    FSharp.Text.RegexProvider (2.1)
      FSharp.Core (>= 4.3.4)
    Microsoft.Bcl.AsyncInterfaces (9.0.2)
    Microsoft.Bcl.Cryptography (9.0.2)
      System.Formats.Asn1 (>= 9.0.2)
      System.Memory (>= 4.5.5)
      System.Runtime.CompilerServices.Unsafe (>= 6.0)
    Microsoft.NETCore.Platforms (7.0.4)
    Microsoft.NETCore.Targets (5.0)
    Mono.Cecil (0.11.6)
    Myriad.Core (0.8.1)
      fantomas (>= 4.7.9)
    Myriad.Sdk (0.8.1)
    NETStandard.Library (2.0.3)
      Microsoft.NETCore.Platforms (>= 1.1)
    Newtonsoft.Json (13.0.3)
    NuGet.Common (6.13.2)
      NuGet.Frameworks (>= 6.13.2)
      System.Collections.Immutable (>= 8.0)
    NuGet.Configuration (6.13.2)
      NuGet.Common (>= 6.13.2)
      System.Security.Cryptography.ProtectedData (>= 4.4)
    NuGet.Frameworks (6.13.2)
    NuGet.Packaging (6.13.2)
      Newtonsoft.Json (>= 13.0.3)
      NuGet.Configuration (>= 6.13.2)
      NuGet.Versioning (>= 6.13.2)
      System.Formats.Asn1 (>= 8.0.1)
      System.Security.Cryptography.Pkcs (>= 6.0.4)
      System.Text.Json (>= 8.0.5)
    NuGet.Versioning (6.13.2)
    Paket.Core (8.0.3)
      Chessie (>= 0.6)
      FSharp.Core (6.0.3)
      Mono.Cecil (>= 0.11.3 < 0.12)
      Newtonsoft.Json (>= 13.0.1)
      NuGet.Packaging (>= 5.9.1)
      System.Net.Http (>= 4.3.4)
      System.Net.Http.WinHttpHandler (>= 5.0)
      System.Security.Cryptography.ProtectedData (>= 5.0)
    runtime.debian.8-x64.runtime.native.System.Security.Cryptography.OpenSsl (4.3.3)
    runtime.debian.9-x64.runtime.native.System.Security.Cryptography.OpenSsl (4.3.3)
    runtime.fedora.23-x64.runtime.native.System.Security.Cryptography.OpenSsl (4.3.3)
    runtime.fedora.24-x64.runtime.native.System.Security.Cryptography.OpenSsl (4.3.3)
    runtime.fedora.27-x64.runtime.native.System.Security.Cryptography.OpenSsl (4.3.3)
    runtime.fedora.28-x64.runtime.native.System.Security.Cryptography.OpenSsl (4.3.3)
    runtime.native.System (4.3.1)
      Microsoft.NETCore.Platforms (>= 1.1.1)
      Microsoft.NETCore.Targets (>= 1.1.3)
    runtime.native.System.Net.Http (4.3.1)
      Microsoft.NETCore.Platforms (>= 1.1.1)
      Microsoft.NETCore.Targets (>= 1.1.3)
    runtime.native.System.Security.Cryptography.Apple (4.3.1)
      runtime.osx.10.10-x64.runtime.native.System.Security.Cryptography.Apple (>= 4.3.1)
    runtime.native.System.Security.Cryptography.OpenSsl (4.3.3)
      runtime.debian.8-x64.runtime.native.System.Security.Cryptography.OpenSsl (>= 4.3.3)
      runtime.debian.9-x64.runtime.native.System.Security.Cryptography.OpenSsl (>= 4.3.3)
      runtime.fedora.23-x64.runtime.native.System.Security.Cryptography.OpenSsl (>= 4.3.3)
      runtime.fedora.24-x64.runtime.native.System.Security.Cryptography.OpenSsl (>= 4.3.3)
      runtime.fedora.27-x64.runtime.native.System.Security.Cryptography.OpenSsl (>= 4.3.3)
      runtime.fedora.28-x64.runtime.native.System.Security.Cryptography.OpenSsl (>= 4.3.3)
      runtime.opensuse.13.2-x64.runtime.native.System.Security.Cryptography.OpenSsl (>= 4.3.3)
      runtime.opensuse.42.1-x64.runtime.native.System.Security.Cryptography.OpenSsl (>= 4.3.3)
      runtime.opensuse.42.3-x64.runtime.native.System.Security.Cryptography.OpenSsl (>= 4.3.3)
      runtime.osx.10.10-x64.runtime.native.System.Security.Cryptography.OpenSsl (>= 4.3.3)
      runtime.rhel.7-x64.runtime.native.System.Security.Cryptography.OpenSsl (>= 4.3.3)
      runtime.ubuntu.14.04-x64.runtime.native.System.Security.Cryptography.OpenSsl (>= 4.3.3)
      runtime.ubuntu.16.04-x64.runtime.native.System.Security.Cryptography.OpenSsl (>= 4.3.3)
      runtime.ubuntu.16.10-x64.runtime.native.System.Security.Cryptography.OpenSsl (>= 4.3.3)
      runtime.ubuntu.18.04-x64.runtime.native.System.Security.Cryptography.OpenSsl (>= 4.3.3)
    runtime.opensuse.13.2-x64.runtime.native.System.Security.Cryptography.OpenSsl (4.3.3)
    runtime.opensuse.42.1-x64.runtime.native.System.Security.Cryptography.OpenSsl (4.3.3)
    runtime.opensuse.42.3-x64.runtime.native.System.Security.Cryptography.OpenSsl (4.3.3)
    runtime.osx.10.10-x64.runtime.native.System.Security.Cryptography.Apple (4.3.1)
    runtime.osx.10.10-x64.runtime.native.System.Security.Cryptography.OpenSsl (4.3.3)
    runtime.rhel.7-x64.runtime.native.System.Security.Cryptography.OpenSsl (4.3.3)
    runtime.ubuntu.14.04-x64.runtime.native.System.Security.Cryptography.OpenSsl (4.3.3)
    runtime.ubuntu.16.04-x64.runtime.native.System.Security.Cryptography.OpenSsl (4.3.3)
    runtime.ubuntu.16.10-x64.runtime.native.System.Security.Cryptography.OpenSsl (4.3.3)
    runtime.ubuntu.18.04-x64.runtime.native.System.Security.Cryptography.OpenSsl (4.3.3)
    System.Buffers (4.6)
    System.Collections (4.3)
      Microsoft.NETCore.Platforms (>= 1.1)
      Microsoft.NETCore.Targets (>= 1.1)
      System.Runtime (>= 4.3)
    System.Collections.Concurrent (4.3)
      System.Collections (>= 4.3)
      System.Diagnostics.Debug (>= 4.3)
      System.Diagnostics.Tracing (>= 4.3)
      System.Globalization (>= 4.3)
      System.Reflection (>= 4.3)
      System.Resources.ResourceManager (>= 4.3)
      System.Runtime (>= 4.3)
      System.Runtime.Extensions (>= 4.3)
      System.Threading (>= 4.3)
      System.Threading.Tasks (>= 4.3)
    System.Collections.Immutable (9.0.2)
      System.Memory (>= 4.5.5)
      System.Runtime.CompilerServices.Unsafe (>= 6.0)
    System.Diagnostics.Debug (4.3)
      Microsoft.NETCore.Platforms (>= 1.1)
      Microsoft.NETCore.Targets (>= 1.1)
      System.Runtime (>= 4.3)
    System.Diagnostics.DiagnosticSource (9.0.2)
      System.Memory (>= 4.5.5)
      System.Runtime.CompilerServices.Unsafe (>= 6.0)
    System.Diagnostics.Tracing (4.3)
      Microsoft.NETCore.Platforms (>= 1.1)
      Microsoft.NETCore.Targets (>= 1.1)
      System.Runtime (>= 4.3)
    System.Formats.Asn1 (9.0.2)
      System.Buffers (>= 4.5.1)
      System.Memory (>= 4.5.5)
    System.Globalization (4.3)
      Microsoft.NETCore.Platforms (>= 1.1)
      Microsoft.NETCore.Targets (>= 1.1)
      System.Runtime (>= 4.3)
    System.Globalization.Calendars (4.3)
      Microsoft.NETCore.Platforms (>= 1.1)
      Microsoft.NETCore.Targets (>= 1.1)
      System.Globalization (>= 4.3)
      System.Runtime (>= 4.3)
    System.Globalization.Extensions (4.3)
      Microsoft.NETCore.Platforms (>= 1.1)
      System.Globalization (>= 4.3)
      System.Resources.ResourceManager (>= 4.3)
      System.Runtime (>= 4.3)
      System.Runtime.Extensions (>= 4.3)
      System.Runtime.InteropServices (>= 4.3)
    System.IO (4.3)
      Microsoft.NETCore.Platforms (>= 1.1)
      Microsoft.NETCore.Targets (>= 1.1)
      System.Runtime (>= 4.3)
      System.Text.Encoding (>= 4.3)
      System.Threading.Tasks (>= 4.3)
    System.IO.FileSystem (4.3)
      Microsoft.NETCore.Platforms (>= 1.1)
      Microsoft.NETCore.Targets (>= 1.1)
      System.IO (>= 4.3)
      System.IO.FileSystem.Primitives (>= 4.3)
      System.Runtime (>= 4.3)
      System.Runtime.Handles (>= 4.3)
      System.Text.Encoding (>= 4.3)
      System.Threading.Tasks (>= 4.3)
    System.IO.FileSystem.Primitives (4.3)
      System.Runtime (>= 4.3)
    System.IO.Pipelines (9.0.2)
      System.Buffers (>= 4.5.1)
      System.Memory (>= 4.5.5)
      System.Threading.Tasks.Extensions (>= 4.5.4)
    System.Linq (4.3)
      System.Collections (>= 4.3)
      System.Diagnostics.Debug (>= 4.3)
      System.Resources.ResourceManager (>= 4.3)
      System.Runtime (>= 4.3)
      System.Runtime.Extensions (>= 4.3)
    System.Memory (4.6)
    System.Net.Http (4.3.4)
      Microsoft.NETCore.Platforms (>= 1.1.1)
      runtime.native.System (>= 4.3)
      runtime.native.System.Net.Http (>= 4.3)
      runtime.native.System.Security.Cryptography.OpenSsl (>= 4.3.2)
      System.Collections (>= 4.3)
      System.Diagnostics.Debug (>= 4.3)
      System.Diagnostics.DiagnosticSource (>= 4.3)
      System.Diagnostics.Tracing (>= 4.3)
      System.Globalization (>= 4.3)
      System.Globalization.Extensions (>= 4.3)
      System.IO (>= 4.3)
      System.IO.FileSystem (>= 4.3)
      System.Net.Primitives (>= 4.3)
      System.Resources.ResourceManager (>= 4.3)
      System.Runtime (>= 4.3)
      System.Runtime.Extensions (>= 4.3)
      System.Runtime.Handles (>= 4.3)
      System.Runtime.InteropServices (>= 4.3)
      System.Security.Cryptography.Algorithms (>= 4.3)
      System.Security.Cryptography.Encoding (>= 4.3)
      System.Security.Cryptography.OpenSsl (>= 4.3)
      System.Security.Cryptography.Primitives (>= 4.3)
      System.Security.Cryptography.X509Certificates (>= 4.3)
      System.Text.Encoding (>= 4.3)
      System.Threading (>= 4.3)
      System.Threading.Tasks (>= 4.3)
    System.Net.Http.WinHttpHandler (9.0.2)
    System.Net.Primitives (4.3.1)
      Microsoft.NETCore.Platforms (>= 1.1.1)
      Microsoft.NETCore.Targets (>= 1.1.3)
      System.Runtime (>= 4.3.1)
      System.Runtime.Handles (>= 4.3)
    System.Reflection (4.3)
      Microsoft.NETCore.Platforms (>= 1.1)
      Microsoft.NETCore.Targets (>= 1.1)
      System.IO (>= 4.3)
      System.Reflection.Primitives (>= 4.3)
      System.Runtime (>= 4.3)
    System.Reflection.Primitives (4.3)
      Microsoft.NETCore.Platforms (>= 1.1)
      Microsoft.NETCore.Targets (>= 1.1)
      System.Runtime (>= 4.3)
    System.Resources.ResourceManager (4.3)
      Microsoft.NETCore.Platforms (>= 1.1)
      Microsoft.NETCore.Targets (>= 1.1)
      System.Globalization (>= 4.3)
      System.Reflection (>= 4.3)
      System.Runtime (>= 4.3)
    System.Runtime (4.3.1)
      Microsoft.NETCore.Platforms (>= 1.1.1)
      Microsoft.NETCore.Targets (>= 1.1.3)
    System.Runtime.CompilerServices.Unsafe (6.1)
    System.Runtime.Extensions (4.3.1)
      Microsoft.NETCore.Platforms (>= 1.1.1)
      Microsoft.NETCore.Targets (>= 1.1.3)
      System.Runtime (>= 4.3.1)
    System.Runtime.Handles (4.3)
      Microsoft.NETCore.Platforms (>= 1.1)
      Microsoft.NETCore.Targets (>= 1.1)
      System.Runtime (>= 4.3)
    System.Runtime.InteropServices (4.3)
      Microsoft.NETCore.Platforms (>= 1.1)
      Microsoft.NETCore.Targets (>= 1.1)
      System.Reflection (>= 4.3)
      System.Reflection.Primitives (>= 4.3)
      System.Runtime (>= 4.3)
      System.Runtime.Handles (>= 4.3)
    System.Runtime.Numerics (4.3)
      System.Globalization (>= 4.3)
      System.Resources.ResourceManager (>= 4.3)
      System.Runtime (>= 4.3)
      System.Runtime.Extensions (>= 4.3)
    System.Security.Cryptography.Algorithms (4.3.1)
      Microsoft.NETCore.Platforms (>= 1.1)
      runtime.native.System.Security.Cryptography.Apple (>= 4.3.1)
      runtime.native.System.Security.Cryptography.OpenSsl (>= 4.3.2)
      System.Collections (>= 4.3)
      System.IO (>= 4.3)
      System.Resources.ResourceManager (>= 4.3)
      System.Runtime (>= 4.3)
      System.Runtime.Extensions (>= 4.3)
      System.Runtime.Handles (>= 4.3)
      System.Runtime.InteropServices (>= 4.3)
      System.Runtime.Numerics (>= 4.3)
      System.Security.Cryptography.Encoding (>= 4.3)
      System.Security.Cryptography.Primitives (>= 4.3)
      System.Text.Encoding (>= 4.3)
    System.Security.Cryptography.Cng (5.0)
      System.Formats.Asn1 (>= 5.0)
    System.Security.Cryptography.Csp (4.3)
      Microsoft.NETCore.Platforms (>= 1.1)
      System.IO (>= 4.3)
      System.Reflection (>= 4.3)
      System.Resources.ResourceManager (>= 4.3)
      System.Runtime (>= 4.3)
      System.Runtime.Extensions (>= 4.3)
      System.Runtime.Handles (>= 4.3)
      System.Runtime.InteropServices (>= 4.3)
      System.Security.Cryptography.Algorithms (>= 4.3)
      System.Security.Cryptography.Encoding (>= 4.3)
      System.Security.Cryptography.Primitives (>= 4.3)
      System.Text.Encoding (>= 4.3)
      System.Threading (>= 4.3)
    System.Security.Cryptography.Encoding (4.3)
      Microsoft.NETCore.Platforms (>= 1.1)
      runtime.native.System.Security.Cryptography.OpenSsl (>= 4.3)
      System.Collections (>= 4.3)
      System.Collections.Concurrent (>= 4.3)
      System.Linq (>= 4.3)
      System.Resources.ResourceManager (>= 4.3)
      System.Runtime (>= 4.3)
      System.Runtime.Extensions (>= 4.3)
      System.Runtime.Handles (>= 4.3)
      System.Runtime.InteropServices (>= 4.3)
      System.Security.Cryptography.Primitives (>= 4.3)
      System.Text.Encoding (>= 4.3)
    System.Security.Cryptography.OpenSsl (5.0)
      System.Formats.Asn1 (>= 5.0)
    System.Security.Cryptography.Pkcs (9.0.2)
      Microsoft.Bcl.Cryptography (>= 9.0.2)
      System.Formats.Asn1 (>= 9.0.2)
      System.Runtime.CompilerServices.Unsafe (>= 6.0)
      System.Security.Cryptography.Cng (>= 5.0)
    System.Security.Cryptography.Primitives (4.3)
      System.Diagnostics.Debug (>= 4.3)
      System.Globalization (>= 4.3)
      System.IO (>= 4.3)
      System.Resources.ResourceManager (>= 4.3)
      System.Runtime (>= 4.3)
      System.Threading (>= 4.3)
      System.Threading.Tasks (>= 4.3)
    System.Security.Cryptography.ProtectedData (9.0.2)
      System.Memory (>= 4.5.5)
    System.Security.Cryptography.X509Certificates (4.3.2)
      Microsoft.NETCore.Platforms (>= 1.1)
      runtime.native.System (>= 4.3)
      runtime.native.System.Net.Http (>= 4.3)
      runtime.native.System.Security.Cryptography.OpenSsl (>= 4.3.2)
      System.Collections (>= 4.3)
      System.Diagnostics.Debug (>= 4.3)
      System.Globalization (>= 4.3)
      System.Globalization.Calendars (>= 4.3)
      System.IO (>= 4.3)
      System.IO.FileSystem (>= 4.3)
      System.IO.FileSystem.Primitives (>= 4.3)
      System.Resources.ResourceManager (>= 4.3)
      System.Runtime (>= 4.3)
      System.Runtime.Extensions (>= 4.3)
      System.Runtime.Handles (>= 4.3)
      System.Runtime.InteropServices (>= 4.3)
      System.Runtime.Numerics (>= 4.3)
      System.Security.Cryptography.Algorithms (>= 4.3)
      System.Security.Cryptography.Cng (>= 4.3)
      System.Security.Cryptography.Csp (>= 4.3)
      System.Security.Cryptography.Encoding (>= 4.3)
      System.Security.Cryptography.OpenSsl (>= 4.3)
      System.Security.Cryptography.Primitives (>= 4.3)
      System.Text.Encoding (>= 4.3)
      System.Threading (>= 4.3)
    System.Text.Encoding (4.3)
      Microsoft.NETCore.Platforms (>= 1.1)
      Microsoft.NETCore.Targets (>= 1.1)
      System.Runtime (>= 4.3)
    System.Text.Encodings.Web (9.0.2)
      System.Buffers (>= 4.5.1)
      System.Memory (>= 4.5.5)
      System.Runtime.CompilerServices.Unsafe (>= 6.0)
    System.Text.Json (9.0.2)
      Microsoft.Bcl.AsyncInterfaces (>= 9.0.2)
      System.Buffers (>= 4.5.1)
      System.IO.Pipelines (>= 9.0.2)
      System.Memory (>= 4.5.5)
      System.Runtime.CompilerServices.Unsafe (>= 6.0)
      System.Text.Encodings.Web (>= 9.0.2)
      System.Threading.Tasks.Extensions (>= 4.5.4)
    System.Threading (4.3)
      System.Runtime (>= 4.3)
      System.Threading.Tasks (>= 4.3)
    System.Threading.Tasks (4.3)
      Microsoft.NETCore.Platforms (>= 1.1)
      Microsoft.NETCore.Targets (>= 1.1)
      System.Runtime (>= 4.3)
    System.Threading.Tasks.Extensions (4.6)

GROUP Providers
STORAGE: NONE
RESTRICTION: == net8.0
NUGET
  remote: https://api.nuget.org/v3/index.json
    Ben.Demystifier (0.4.1)
      System.Reflection.Metadata (>= 5.0)
    FSharp.Core (9.0.201)
    Glob (1.1.9)
    Google.Protobuf (3.30)
    Grpc.AspNetCore.Server (2.67)
      Grpc.Net.Common (>= 2.67)
    Grpc.AspNetCore.Server.Reflection (2.67)
      Google.Protobuf (>= 3.27)
      Grpc.AspNetCore.Server (>= 2.67)
      Grpc.Reflection (>= 2.67)
    Grpc.Core.Api (2.67)
    Grpc.Net.Client (2.67)
      Grpc.Net.Common (>= 2.67)
      Microsoft.Extensions.Logging.Abstractions (>= 6.0)
    Grpc.Net.Common (2.67)
      Grpc.Core.Api (>= 2.67)
    Grpc.Reflection (2.67)
      Google.Protobuf (>= 3.27)
      Grpc.Core.Api (>= 2.67)
    Microsoft.Extensions.DependencyInjection (9.0.2)
      Microsoft.Extensions.DependencyInjection.Abstractions (>= 9.0.2)
    Microsoft.Extensions.DependencyInjection.Abstractions (9.0.2)
    Microsoft.Extensions.Logging (9.0.2)
      Microsoft.Extensions.DependencyInjection (>= 9.0.2)
      Microsoft.Extensions.Logging.Abstractions (>= 9.0.2)
      Microsoft.Extensions.Options (>= 9.0.2)
    Microsoft.Extensions.Logging.Abstractions (9.0.2)
      Microsoft.Extensions.DependencyInjection.Abstractions (>= 9.0.2)
      System.Diagnostics.DiagnosticSource (>= 9.0.2)
    Microsoft.Extensions.Options (9.0.2)
      Microsoft.Extensions.DependencyInjection.Abstractions (>= 9.0.2)
      Microsoft.Extensions.Primitives (>= 9.0.2)
    Microsoft.Extensions.Primitives (9.0.2)
    OneOf (3.0.271)
    Pulumi (3.75.2)
      Ben.Demystifier (>= 0.4.1)
      Grpc.AspNetCore.Server (>= 2.63)
      Grpc.AspNetCore.Server.Reflection (>= 2.63)
      Grpc.Net.Client (>= 2.63)
      Microsoft.Extensions.Logging.Abstractions (>= 6.0)
      OneOf (>= 3.0.216)
      Pulumi.Protobuf (>= 3.27.3)
      Semver (>= 2.1)
      Serilog.Extensions.Logging (>= 3.0.1)
      Serilog.Sinks.Console (>= 4.0.1)
    Pulumi.Auth0 (3.14)
      Pulumi (>= 3.73)
    Pulumi.Aws (6.70.1)
      Pulumi (>= 3.75.2)
    Pulumi.Azure (6.21)
      Pulumi (>= 3.75.2)
    Pulumi.AzureAD (6.2)
      Pulumi (>= 3.71.1)
    Pulumi.AzureNative (2.89.1)
      Pulumi (>= 3.75.2)
      System.Collections.Immutable (>= 5.0)
    Pulumi.Command (1.0.2)
      Pulumi (>= 3.73)
    Pulumi.DigitalOcean (4.40.1)
      Pulumi (>= 3.75.1)
    Pulumi.Docker (4.6.1)
      Pulumi (>= 3.71.1)
    Pulumi.FSharp (3.75.2)
      FSharp.Core (>= 4.7.2)
      Pulumi (>= 3.75.2)
    Pulumi.FSharp.Core (3.1.5)
      FSharp.Core (>= 6.0.6)
      Pulumi.FSharp (>= 3.43.1)
    Pulumi.Gcp (8.21)
      Pulumi (>= 3.75.2)
    Pulumi.Kubernetes (4.21.1)
      Glob (>= 1.1.5)
      Pulumi (>= 3.71.1)
    Pulumi.Protobuf (3.27.3)
    Pulumi.Random (4.18)
      Pulumi (>= 3.74)
    Pulumi.Tls (5.1)
      Pulumi (>= 3.71.1)
    Semver (3.0)
      Microsoft.Extensions.Primitives (>= 5.0.1)
    Serilog (4.2)
    Serilog.Extensions.Logging (9.0)
      Microsoft.Extensions.Logging (>= 9.0)
      Serilog (>= 4.2)
    Serilog.Sinks.Console (6.0)
      Serilog (>= 4.0)
    System.Collections.Immutable (9.0.2)
    System.Diagnostics.DiagnosticSource (9.0.2)
    System.Reflection.Metadata (9.0.2)
      System.Collections.Immutable (>= 9.0.2)
