STORAGE: NONE
RESTRICTION: == net8.0
NUGET
  remote: https://api.nuget.org/v3/index.json
    Ben.Demystifier (0.4.1)
      System.Reflection.Metadata (>= 5.0)
    FSharp.Core (8.0.200)
    Glob (1.1.9)
    Google.Protobuf (3.26.1)
    Grpc.AspNetCore.Server (2.62)
      Grpc.Net.Common (>= 2.62)
    Grpc.AspNetCore.Server.Reflection (2.62)
      Google.Protobuf (>= 3.24)
      Grpc.AspNetCore.Server (>= 2.62)
      Grpc.Reflection (>= 2.62)
    Grpc.Core.Api (2.62)
    Grpc.Net.Client (2.62)
      Grpc.Net.Common (>= 2.62)
      Microsoft.Extensions.Logging.Abstractions (>= 6.0)
    Grpc.Net.Common (2.62)
      Grpc.Core.Api (>= 2.62)
    Grpc.Reflection (2.62)
      Google.Protobuf (>= 3.24)
      Grpc.Core.Api (>= 2.62)
    Microsoft.Extensions.DependencyInjection (8.0)
      Microsoft.Extensions.DependencyInjection.Abstractions (>= 8.0)
    Microsoft.Extensions.DependencyInjection.Abstractions (8.0.1)
    Microsoft.Extensions.Logging (8.0)
      Microsoft.Extensions.DependencyInjection (>= 8.0)
      Microsoft.Extensions.Logging.Abstractions (>= 8.0)
      Microsoft.Extensions.Options (>= 8.0)
    Microsoft.Extensions.Logging.Abstractions (8.0.1)
      Microsoft.Extensions.DependencyInjection.Abstractions (>= 8.0.1)
    Microsoft.Extensions.Options (8.0.2)
      Microsoft.Extensions.DependencyInjection.Abstractions (>= 8.0)
      Microsoft.Extensions.Primitives (>= 8.0)
    Microsoft.Extensions.Primitives (8.0)
    Myriad.Sdk (0.8.1)
    OneOf (3.0.263)
    Pulumi (3.63.1)
      Ben.Demystifier (>= 0.4.1)
      Grpc.AspNetCore.Server (>= 2.37)
      Grpc.AspNetCore.Server.Reflection (>= 2.37)
      Grpc.Net.Client (>= 2.52)
      Microsoft.Extensions.Logging.Abstractions (>= 3.1.16)
      OneOf (>= 3.0.216)
      Pulumi.Protobuf (>= 3.20.1)
      Semver (>= 2.1)
      Serilog.Extensions.Logging (>= 3.0.1)
      Serilog.Sinks.Console (>= 4.0.1)
    Pulumi.Auth0 (3.3.1)
      Pulumi (>= 3.60)
    Pulumi.Aws (6.32)
      Pulumi (>= 3.61)
    Pulumi.Azure (5.74)
      Pulumi (>= 3.63.1)
    Pulumi.AzureAD (5.48)
      Pulumi (>= 3.60)
    Pulumi.AzureNative (2.39)
      Pulumi (>= 3.63.1)
      System.Collections.Immutable (>= 5.0)
    Pulumi.Command (0.10)
      Pulumi (>= 3.60)
    Pulumi.DigitalOcean (4.28.1)
      Pulumi (>= 3.63.1)
    Pulumi.Docker (4.5.3)
      Pulumi (>= 3.60)
    Pulumi.FSharp (3.63.1)
      FSharp.Core (>= 4.7.2)
      Pulumi (>= 3.63.1)
    Pulumi.Gcp (7.20)
      Pulumi (>= 3.62)
    Pulumi.Kubernetes (4.11)
      Glob (>= 1.1.5)
      Pulumi (>= 3.61)
    Pulumi.Protobuf (3.20.1)
    Pulumi.Random (4.16.1)
      Pulumi (>= 3.61)
    Pulumi.Tls (5.0.2)
      Pulumi (>= 3.60)
    Semver (2.3)
    Serilog (3.1.1)
    Serilog.Extensions.Logging (8.0)
      Microsoft.Extensions.Logging (>= 8.0)
      Serilog (>= 3.1.1)
    Serilog.Sinks.Console (5.0.1)
      Serilog (>= 3.1.1)
    System.Collections.Immutable (8.0)
    System.Reflection.Metadata (8.0)
      System.Collections.Immutable (>= 8.0)

GROUP Myriad
STORAGE: NONE
RESTRICTION: == net6.0
NUGET
  remote: https://api.nuget.org/v3/index.json
    Chessie (0.6)
      FSharp.Core (>= 4.0.1.7-alpha)
      NETStandard.Library (>= 1.6)
    fantomas (6.3.4)
    FSharp.Core (6.0.3)
    FSharp.Data (6.4)
      FSharp.Core (>= 6.0.1)
      FSharp.Data.Csv.Core (>= 6.4)
      FSharp.Data.Html.Core (>= 6.4)
      FSharp.Data.Http (>= 6.4)
      FSharp.Data.Json.Core (>= 6.4)
      FSharp.Data.Runtime.Utilities (>= 6.4)
      FSharp.Data.WorldBank.Core (>= 6.4)
      FSharp.Data.Xml.Core (>= 6.4)
    FSharp.Data.Csv.Core (6.4)
      FSharp.Core (>= 6.0.1)
      FSharp.Data.Runtime.Utilities (>= 6.4)
    FSharp.Data.Html.Core (6.4)
      FSharp.Core (>= 6.0.1)
      FSharp.Data.Csv.Core (>= 6.4)
      FSharp.Data.Runtime.Utilities (>= 6.4)
    FSharp.Data.Http (6.4)
      FSharp.Core (>= 6.0.1)
    FSharp.Data.Json.Core (6.4)
      FSharp.Core (>= 6.0.1)
      FSharp.Data.Http (>= 6.4)
      FSharp.Data.Runtime.Utilities (>= 6.4)
    FSharp.Data.Runtime.Utilities (6.4)
      FSharp.Core (>= 6.0.1)
      FSharp.Data.Http (>= 6.4)
    FSharp.Data.WorldBank.Core (6.4)
      FSharp.Core (>= 6.0.1)
      FSharp.Data.Http (>= 6.4)
      FSharp.Data.Json.Core (>= 6.4)
      FSharp.Data.Runtime.Utilities (>= 6.4)
    FSharp.Data.Xml.Core (6.4)
      FSharp.Core (>= 6.0.1)
      FSharp.Data.Http (>= 6.4)
      FSharp.Data.Json.Core (>= 6.4)
      FSharp.Data.Runtime.Utilities (>= 6.4)
    FSharp.Text.RegexProvider (2.1)
      FSharp.Core (>= 4.3.4)
    Microsoft.NETCore.Platforms (7.0.4)
    Microsoft.NETCore.Targets (5.0)
    Mono.Cecil (0.11.5)
    Myriad.Core (0.8.1)
      fantomas (>= 4.7.9)
    Myriad.Sdk (0.8.1)
    NETStandard.Library (2.0.3)
      Microsoft.NETCore.Platforms (>= 1.1)
    Newtonsoft.Json (13.0.3)
    NuGet.Common (6.9.1)
      NuGet.Frameworks (>= 6.9.1)
    NuGet.Configuration (6.9.1)
      NuGet.Common (>= 6.9.1)
      System.Security.Cryptography.ProtectedData (>= 4.4)
    NuGet.Frameworks (6.9.1)
    NuGet.Packaging (6.9.1)
      Newtonsoft.Json (>= 13.0.3)
      NuGet.Configuration (>= 6.9.1)
      NuGet.Versioning (>= 6.9.1)
      System.Security.Cryptography.Pkcs (>= 6.0.4)
    NuGet.Versioning (6.9.1)
    Paket.Core (8.0.3)
      Chessie (>= 0.6)
      FSharp.Core (6.0.3)
      Mono.Cecil (>= 0.11.3 < 0.12)
      Newtonsoft.Json (>= 13.0.1)
      NuGet.Packaging (>= 5.9.1)
      System.Net.Http (>= 4.3.4)
      System.Net.Http.WinHttpHandler (>= 5.0)
      System.Security.Cryptography.ProtectedData (>= 5.0)
    runtime.debian.8-x64.runtime.native.System.Security.Cryptography.OpenSsl (4.3.3)
    runtime.debian.9-x64.runtime.native.System.Security.Cryptography.OpenSsl (4.3.3)
    runtime.fedora.23-x64.runtime.native.System.Security.Cryptography.OpenSsl (4.3.3)
    runtime.fedora.24-x64.runtime.native.System.Security.Cryptography.OpenSsl (4.3.3)
    runtime.fedora.27-x64.runtime.native.System.Security.Cryptography.OpenSsl (4.3.3)
    runtime.fedora.28-x64.runtime.native.System.Security.Cryptography.OpenSsl (4.3.3)
    runtime.native.System (4.3.1)
      Microsoft.NETCore.Platforms (>= 1.1.1)
      Microsoft.NETCore.Targets (>= 1.1.3)
    runtime.native.System.Net.Http (4.3.1)
      Microsoft.NETCore.Platforms (>= 1.1.1)
      Microsoft.NETCore.Targets (>= 1.1.3)
    runtime.native.System.Security.Cryptography.Apple (4.3.1)
      runtime.osx.10.10-x64.runtime.native.System.Security.Cryptography.Apple (>= 4.3.1)
    runtime.native.System.Security.Cryptography.OpenSsl (4.3.3)
      runtime.debian.8-x64.runtime.native.System.Security.Cryptography.OpenSsl (>= 4.3.3)
      runtime.debian.9-x64.runtime.native.System.Security.Cryptography.OpenSsl (>= 4.3.3)
      runtime.fedora.23-x64.runtime.native.System.Security.Cryptography.OpenSsl (>= 4.3.3)
      runtime.fedora.24-x64.runtime.native.System.Security.Cryptography.OpenSsl (>= 4.3.3)
      runtime.fedora.27-x64.runtime.native.System.Security.Cryptography.OpenSsl (>= 4.3.3)
      runtime.fedora.28-x64.runtime.native.System.Security.Cryptography.OpenSsl (>= 4.3.3)
      runtime.opensuse.13.2-x64.runtime.native.System.Security.Cryptography.OpenSsl (>= 4.3.3)
      runtime.opensuse.42.1-x64.runtime.native.System.Security.Cryptography.OpenSsl (>= 4.3.3)
      runtime.opensuse.42.3-x64.runtime.native.System.Security.Cryptography.OpenSsl (>= 4.3.3)
      runtime.osx.10.10-x64.runtime.native.System.Security.Cryptography.OpenSsl (>= 4.3.3)
      runtime.rhel.7-x64.runtime.native.System.Security.Cryptography.OpenSsl (>= 4.3.3)
      runtime.ubuntu.14.04-x64.runtime.native.System.Security.Cryptography.OpenSsl (>= 4.3.3)
      runtime.ubuntu.16.04-x64.runtime.native.System.Security.Cryptography.OpenSsl (>= 4.3.3)
      runtime.ubuntu.16.10-x64.runtime.native.System.Security.Cryptography.OpenSsl (>= 4.3.3)
      runtime.ubuntu.18.04-x64.runtime.native.System.Security.Cryptography.OpenSsl (>= 4.3.3)
    runtime.opensuse.13.2-x64.runtime.native.System.Security.Cryptography.OpenSsl (4.3.3)
    runtime.opensuse.42.1-x64.runtime.native.System.Security.Cryptography.OpenSsl (4.3.3)
    runtime.opensuse.42.3-x64.runtime.native.System.Security.Cryptography.OpenSsl (4.3.3)
    runtime.osx.10.10-x64.runtime.native.System.Security.Cryptography.Apple (4.3.1)
    runtime.osx.10.10-x64.runtime.native.System.Security.Cryptography.OpenSsl (4.3.3)
    runtime.rhel.7-x64.runtime.native.System.Security.Cryptography.OpenSsl (4.3.3)
    runtime.ubuntu.14.04-x64.runtime.native.System.Security.Cryptography.OpenSsl (4.3.3)
    runtime.ubuntu.16.04-x64.runtime.native.System.Security.Cryptography.OpenSsl (4.3.3)
    runtime.ubuntu.16.10-x64.runtime.native.System.Security.Cryptography.OpenSsl (4.3.3)
    runtime.ubuntu.18.04-x64.runtime.native.System.Security.Cryptography.OpenSsl (4.3.3)
    System.Collections (4.3)
      Microsoft.NETCore.Platforms (>= 1.1)
      Microsoft.NETCore.Targets (>= 1.1)
      System.Runtime (>= 4.3)
    System.Collections.Concurrent (4.3)
      System.Collections (>= 4.3)
      System.Diagnostics.Debug (>= 4.3)
      System.Diagnostics.Tracing (>= 4.3)
      System.Globalization (>= 4.3)
      System.Reflection (>= 4.3)
      System.Resources.ResourceManager (>= 4.3)
      System.Runtime (>= 4.3)
      System.Runtime.Extensions (>= 4.3)
      System.Threading (>= 4.3)
      System.Threading.Tasks (>= 4.3)
    System.Diagnostics.Debug (4.3)
      Microsoft.NETCore.Platforms (>= 1.1)
      Microsoft.NETCore.Targets (>= 1.1)
      System.Runtime (>= 4.3)
    System.Diagnostics.DiagnosticSource (8.0.1)
      System.Runtime.CompilerServices.Unsafe (>= 6.0)
    System.Diagnostics.Tracing (4.3)
      Microsoft.NETCore.Platforms (>= 1.1)
      Microsoft.NETCore.Targets (>= 1.1)
      System.Runtime (>= 4.3)
    System.Formats.Asn1 (8.0)
    System.Globalization (4.3)
      Microsoft.NETCore.Platforms (>= 1.1)
      Microsoft.NETCore.Targets (>= 1.1)
      System.Runtime (>= 4.3)
    System.Globalization.Calendars (4.3)
      Microsoft.NETCore.Platforms (>= 1.1)
      Microsoft.NETCore.Targets (>= 1.1)
      System.Globalization (>= 4.3)
      System.Runtime (>= 4.3)
    System.Globalization.Extensions (4.3)
      Microsoft.NETCore.Platforms (>= 1.1)
      System.Globalization (>= 4.3)
      System.Resources.ResourceManager (>= 4.3)
      System.Runtime (>= 4.3)
      System.Runtime.Extensions (>= 4.3)
      System.Runtime.InteropServices (>= 4.3)
    System.IO (4.3)
      Microsoft.NETCore.Platforms (>= 1.1)
      Microsoft.NETCore.Targets (>= 1.1)
      System.Runtime (>= 4.3)
      System.Text.Encoding (>= 4.3)
      System.Threading.Tasks (>= 4.3)
    System.IO.FileSystem (4.3)
      Microsoft.NETCore.Platforms (>= 1.1)
      Microsoft.NETCore.Targets (>= 1.1)
      System.IO (>= 4.3)
      System.IO.FileSystem.Primitives (>= 4.3)
      System.Runtime (>= 4.3)
      System.Runtime.Handles (>= 4.3)
      System.Text.Encoding (>= 4.3)
      System.Threading.Tasks (>= 4.3)
    System.IO.FileSystem.Primitives (4.3)
      System.Runtime (>= 4.3)
    System.Linq (4.3)
      System.Collections (>= 4.3)
      System.Diagnostics.Debug (>= 4.3)
      System.Resources.ResourceManager (>= 4.3)
      System.Runtime (>= 4.3)
      System.Runtime.Extensions (>= 4.3)
    System.Net.Http (4.3.4)
      Microsoft.NETCore.Platforms (>= 1.1.1)
      runtime.native.System (>= 4.3)
      runtime.native.System.Net.Http (>= 4.3)
      runtime.native.System.Security.Cryptography.OpenSsl (>= 4.3.2)
      System.Collections (>= 4.3)
      System.Diagnostics.Debug (>= 4.3)
      System.Diagnostics.DiagnosticSource (>= 4.3)
      System.Diagnostics.Tracing (>= 4.3)
      System.Globalization (>= 4.3)
      System.Globalization.Extensions (>= 4.3)
      System.IO (>= 4.3)
      System.IO.FileSystem (>= 4.3)
      System.Net.Primitives (>= 4.3)
      System.Resources.ResourceManager (>= 4.3)
      System.Runtime (>= 4.3)
      System.Runtime.Extensions (>= 4.3)
      System.Runtime.Handles (>= 4.3)
      System.Runtime.InteropServices (>= 4.3)
      System.Security.Cryptography.Algorithms (>= 4.3)
      System.Security.Cryptography.Encoding (>= 4.3)
      System.Security.Cryptography.OpenSsl (>= 4.3)
      System.Security.Cryptography.Primitives (>= 4.3)
      System.Security.Cryptography.X509Certificates (>= 4.3)
      System.Text.Encoding (>= 4.3)
      System.Threading (>= 4.3)
      System.Threading.Tasks (>= 4.3)
    System.Net.Http.WinHttpHandler (8.0)
    System.Net.Primitives (4.3.1)
      Microsoft.NETCore.Platforms (>= 1.1.1)
      Microsoft.NETCore.Targets (>= 1.1.3)
      System.Runtime (>= 4.3.1)
      System.Runtime.Handles (>= 4.3)
    System.Reflection (4.3)
      Microsoft.NETCore.Platforms (>= 1.1)
      Microsoft.NETCore.Targets (>= 1.1)
      System.IO (>= 4.3)
      System.Reflection.Primitives (>= 4.3)
      System.Runtime (>= 4.3)
    System.Reflection.Primitives (4.3)
      Microsoft.NETCore.Platforms (>= 1.1)
      Microsoft.NETCore.Targets (>= 1.1)
      System.Runtime (>= 4.3)
    System.Resources.ResourceManager (4.3)
      Microsoft.NETCore.Platforms (>= 1.1)
      Microsoft.NETCore.Targets (>= 1.1)
      System.Globalization (>= 4.3)
      System.Reflection (>= 4.3)
      System.Runtime (>= 4.3)
    System.Runtime (4.3.1)
      Microsoft.NETCore.Platforms (>= 1.1.1)
      Microsoft.NETCore.Targets (>= 1.1.3)
    System.Runtime.CompilerServices.Unsafe (6.0)
    System.Runtime.Extensions (4.3.1)
      Microsoft.NETCore.Platforms (>= 1.1.1)
      Microsoft.NETCore.Targets (>= 1.1.3)
      System.Runtime (>= 4.3.1)
    System.Runtime.Handles (4.3)
      Microsoft.NETCore.Platforms (>= 1.1)
      Microsoft.NETCore.Targets (>= 1.1)
      System.Runtime (>= 4.3)
    System.Runtime.InteropServices (4.3)
      Microsoft.NETCore.Platforms (>= 1.1)
      Microsoft.NETCore.Targets (>= 1.1)
      System.Reflection (>= 4.3)
      System.Reflection.Primitives (>= 4.3)
      System.Runtime (>= 4.3)
      System.Runtime.Handles (>= 4.3)
    System.Runtime.Numerics (4.3)
      System.Globalization (>= 4.3)
      System.Resources.ResourceManager (>= 4.3)
      System.Runtime (>= 4.3)
      System.Runtime.Extensions (>= 4.3)
    System.Security.Cryptography.Algorithms (4.3.1)
      Microsoft.NETCore.Platforms (>= 1.1)
      runtime.native.System.Security.Cryptography.Apple (>= 4.3.1)
      runtime.native.System.Security.Cryptography.OpenSsl (>= 4.3.2)
      System.Collections (>= 4.3)
      System.IO (>= 4.3)
      System.Resources.ResourceManager (>= 4.3)
      System.Runtime (>= 4.3)
      System.Runtime.Extensions (>= 4.3)
      System.Runtime.Handles (>= 4.3)
      System.Runtime.InteropServices (>= 4.3)
      System.Runtime.Numerics (>= 4.3)
      System.Security.Cryptography.Encoding (>= 4.3)
      System.Security.Cryptography.Primitives (>= 4.3)
      System.Text.Encoding (>= 4.3)
    System.Security.Cryptography.Cng (5.0)
      System.Formats.Asn1 (>= 5.0)
    System.Security.Cryptography.Csp (4.3)
      Microsoft.NETCore.Platforms (>= 1.1)
      System.IO (>= 4.3)
      System.Reflection (>= 4.3)
      System.Resources.ResourceManager (>= 4.3)
      System.Runtime (>= 4.3)
      System.Runtime.Extensions (>= 4.3)
      System.Runtime.Handles (>= 4.3)
      System.Runtime.InteropServices (>= 4.3)
      System.Security.Cryptography.Algorithms (>= 4.3)
      System.Security.Cryptography.Encoding (>= 4.3)
      System.Security.Cryptography.Primitives (>= 4.3)
      System.Text.Encoding (>= 4.3)
      System.Threading (>= 4.3)
    System.Security.Cryptography.Encoding (4.3)
      Microsoft.NETCore.Platforms (>= 1.1)
      runtime.native.System.Security.Cryptography.OpenSsl (>= 4.3)
      System.Collections (>= 4.3)
      System.Collections.Concurrent (>= 4.3)
      System.Linq (>= 4.3)
      System.Resources.ResourceManager (>= 4.3)
      System.Runtime (>= 4.3)
      System.Runtime.Extensions (>= 4.3)
      System.Runtime.Handles (>= 4.3)
      System.Runtime.InteropServices (>= 4.3)
      System.Security.Cryptography.Primitives (>= 4.3)
      System.Text.Encoding (>= 4.3)
    System.Security.Cryptography.OpenSsl (5.0)
      System.Formats.Asn1 (>= 5.0)
    System.Security.Cryptography.Pkcs (8.0)
      System.Formats.Asn1 (>= 8.0)
    System.Security.Cryptography.Primitives (4.3)
      System.Diagnostics.Debug (>= 4.3)
      System.Globalization (>= 4.3)
      System.IO (>= 4.3)
      System.Resources.ResourceManager (>= 4.3)
      System.Runtime (>= 4.3)
      System.Threading (>= 4.3)
      System.Threading.Tasks (>= 4.3)
    System.Security.Cryptography.ProtectedData (8.0)
    System.Security.Cryptography.X509Certificates (4.3.2)
      Microsoft.NETCore.Platforms (>= 1.1)
      runtime.native.System (>= 4.3)
      runtime.native.System.Net.Http (>= 4.3)
      runtime.native.System.Security.Cryptography.OpenSsl (>= 4.3.2)
      System.Collections (>= 4.3)
      System.Diagnostics.Debug (>= 4.3)
      System.Globalization (>= 4.3)
      System.Globalization.Calendars (>= 4.3)
      System.IO (>= 4.3)
      System.IO.FileSystem (>= 4.3)
      System.IO.FileSystem.Primitives (>= 4.3)
      System.Resources.ResourceManager (>= 4.3)
      System.Runtime (>= 4.3)
      System.Runtime.Extensions (>= 4.3)
      System.Runtime.Handles (>= 4.3)
      System.Runtime.InteropServices (>= 4.3)
      System.Runtime.Numerics (>= 4.3)
      System.Security.Cryptography.Algorithms (>= 4.3)
      System.Security.Cryptography.Cng (>= 4.3)
      System.Security.Cryptography.Csp (>= 4.3)
      System.Security.Cryptography.Encoding (>= 4.3)
      System.Security.Cryptography.OpenSsl (>= 4.3)
      System.Security.Cryptography.Primitives (>= 4.3)
      System.Text.Encoding (>= 4.3)
      System.Threading (>= 4.3)
    System.Text.Encoding (4.3)
      Microsoft.NETCore.Platforms (>= 1.1)
      Microsoft.NETCore.Targets (>= 1.1)
      System.Runtime (>= 4.3)
    System.Threading (4.3)
      System.Runtime (>= 4.3)
      System.Threading.Tasks (>= 4.3)
    System.Threading.Tasks (4.3)
      Microsoft.NETCore.Platforms (>= 1.1)
      Microsoft.NETCore.Targets (>= 1.1)
      System.Runtime (>= 4.3)

GROUP Test
STORAGE: NONE
RESTRICTION: == net8.0
NUGET
  remote: https://api.nuget.org/v3/index.json
    Ben.Demystifier (0.4.1)
      System.Reflection.Metadata (>= 5.0)
    FSharp.Core (8.0.200)
    Glob (1.1.9)
    Google.Protobuf (3.26.1)
    Grpc.AspNetCore.Server (2.62)
      Grpc.Net.Common (>= 2.62)
    Grpc.AspNetCore.Server.Reflection (2.62)
      Google.Protobuf (>= 3.24)
      Grpc.AspNetCore.Server (>= 2.62)
      Grpc.Reflection (>= 2.62)
    Grpc.Core.Api (2.62)
    Grpc.Net.Client (2.62)
      Grpc.Net.Common (>= 2.62)
      Microsoft.Extensions.Logging.Abstractions (>= 6.0)
    Grpc.Net.Common (2.62)
      Grpc.Core.Api (>= 2.62)
    Grpc.Reflection (2.62)
      Google.Protobuf (>= 3.24)
      Grpc.Core.Api (>= 2.62)
    Microsoft.Extensions.DependencyInjection (8.0)
      Microsoft.Extensions.DependencyInjection.Abstractions (>= 8.0)
    Microsoft.Extensions.DependencyInjection.Abstractions (8.0.1)
    Microsoft.Extensions.Logging (8.0)
      Microsoft.Extensions.DependencyInjection (>= 8.0)
      Microsoft.Extensions.Logging.Abstractions (>= 8.0)
      Microsoft.Extensions.Options (>= 8.0)
    Microsoft.Extensions.Logging.Abstractions (8.0.1)
      Microsoft.Extensions.DependencyInjection.Abstractions (>= 8.0.1)
    Microsoft.Extensions.Options (8.0.2)
      Microsoft.Extensions.DependencyInjection.Abstractions (>= 8.0)
      Microsoft.Extensions.Primitives (>= 8.0)
    Microsoft.Extensions.Primitives (8.0)
    OneOf (3.0.263)
    Pulumi (3.63.1)
      Ben.Demystifier (>= 0.4.1)
      Grpc.AspNetCore.Server (>= 2.37)
      Grpc.AspNetCore.Server.Reflection (>= 2.37)
      Grpc.Net.Client (>= 2.52)
      Microsoft.Extensions.Logging.Abstractions (>= 3.1.16)
      OneOf (>= 3.0.216)
      Pulumi.Protobuf (>= 3.20.1)
      Semver (>= 2.1)
      Serilog.Extensions.Logging (>= 3.0.1)
      Serilog.Sinks.Console (>= 4.0.1)
    Pulumi.Aws (6.32)
      Pulumi (>= 3.61)
    Pulumi.Azure (5.74)
      Pulumi (>= 3.63.1)
    Pulumi.AzureAD (5.48)
      Pulumi (>= 3.60)
    Pulumi.AzureNative (2.39)
      Pulumi (>= 3.63.1)
      System.Collections.Immutable (>= 5.0)
    Pulumi.FSharp (3.63.1)
      FSharp.Core (>= 4.7.2)
      Pulumi (>= 3.63.1)
    Pulumi.FSharp.Aws (5.11.0.7)
      FSharp.Core (>= 6.0.5)
      Pulumi.Aws (>= 5.11)
      Pulumi.FSharp (>= 3.38)
    Pulumi.FSharp.Azure (5.22.0.10)
      FSharp.Core (>= 6.0.6)
      Pulumi.Azure (>= 5.22)
      Pulumi.FSharp (>= 3.43.1)
    Pulumi.FSharp.AzureAD (5.29.1.12)
      FSharp.Core (>= 6.0.6)
      Pulumi.AzureAD (>= 5.29.1)
      Pulumi.FSharp (>= 3.43.1)
    Pulumi.FSharp.AzureNative (1.104.0.21)
      FSharp.Core (>= 6.0.6)
      Pulumi.AzureNative (>= 1.104)
      Pulumi.FSharp (>= 3.43.1)
    Pulumi.FSharp.Core (3.1.4)
      FSharp.Core (>= 6.0.6)
      Pulumi.FSharp (>= 3.43.1)
    Pulumi.FSharp.Gcp (6.41.0.13)
      FSharp.Core (>= 6.0.6)
      Pulumi.FSharp (>= 3.43.1)
      Pulumi.Gcp (>= 6.41)
    Pulumi.FSharp.Kubernetes (4.5.2.13)
      FSharp.Core (>= 6.0.6)
      Pulumi.FSharp (>= 3.43.1)
      Pulumi.Kubernetes (>= 4.5.2)
    Pulumi.FSharp.Tls (4.6.1.13)
      FSharp.Core (>= 6.0.6)
      Pulumi.FSharp (>= 3.43.1)
      Pulumi.Tls (>= 4.6.1)
    Pulumi.Gcp (7.20)
      Pulumi (>= 3.62)
    Pulumi.Kubernetes (4.11)
      Glob (>= 1.1.5)
      Pulumi (>= 3.61)
    Pulumi.Protobuf (3.20.1)
    Pulumi.Tls (5.0.2)
      Pulumi (>= 3.60)
    Semver (2.3)
    Serilog (3.1.1)
    Serilog.Extensions.Logging (8.0)
      Microsoft.Extensions.Logging (>= 8.0)
      Serilog (>= 3.1.1)
    Serilog.Sinks.Console (5.0.1)
      Serilog (>= 3.1.1)
    System.Collections.Immutable (8.0)
    System.Reflection.Metadata (8.0)
      System.Collections.Immutable (>= 8.0)
